GIT
  remote: git://github.com/jpslav/representable.git
  revision: 0b8ba7a2e7a6ce0bc404fe5af9ead26295db1457
  ref: 0b8ba7a2e7a6ce0bc404fe5af9ead26295db1457
  specs:
    representable (1.7.5)
      multi_json
      nokogiri

GIT
  remote: git://github.com/spohlenz/tinymce-rails.git
  revision: 4a4d0ea551171c279eafe3002dff52a462a45b66
  branch: tinymce-4
  specs:
    tinymce-rails (4.0.11)
      railties (>= 3.1.1)

PATH
  remote: ../accounts-rails
  specs:
    openstax_accounts (0.3.1.alpha)
      keyword_search (>= 1.0.0)
      lev (>= 2.0)
      oauth2 (>= 0.5.0)
      omniauth (>= 1.1)
      omniauth-oauth2 (>= 1.1)
      openstax_utilities (>= 1.2)
      rails (>= 3.2)
      roar (>= 0.8)
      sass-rails (>= 3.1)
      squeel (>= 0.5.0)
      uglifier (>= 1.0)

GEM
  remote: https://rubygems.org/
  specs:
    actionmailer (3.2.17)
      actionpack (= 3.2.17)
      mail (~> 2.5.4)
    actionpack (3.2.17)
      activemodel (= 3.2.17)
      activesupport (= 3.2.17)
      builder (~> 3.0.0)
      erubis (~> 2.7.0)
      journey (~> 1.0.4)
      rack (~> 1.4.5)
      rack-cache (~> 1.2)
      rack-test (~> 0.6.1)
      sprockets (~> 2.2.1)
    active_attr (0.8.2)
      activemodel (>= 3.0.2, < 4.1)
      activesupport (>= 3.0.2, < 4.1)
    activemodel (3.2.17)
      activesupport (= 3.2.17)
      builder (~> 3.0.0)
    activerecord (3.2.17)
      activemodel (= 3.2.17)
      activesupport (= 3.2.17)
      arel (~> 3.0.2)
      tzinfo (~> 0.3.29)
    activeresource (3.2.17)
      activemodel (= 3.2.17)
      activesupport (= 3.2.17)
    activesupport (3.2.17)
      i18n (~> 0.6, >= 0.6.4)
      multi_json (~> 1.0)
    acts-as-taggable-on (2.4.1)
      rails (>= 3, < 5)
    acts_as_votable (0.5.0)
      rails (>= 3.0.0)
    apipie-rails (0.1.1)
      json
      rails (>= 3.0.10)
    arel (3.0.3)
    attribeautiful (0.0.7)
      activesupport (~> 3.0)
      eager_beaver (~> 0.0.4)
    blankslate (2.1.2.4)
    bootstrap-sass (3.0.2.1)
      sass (~> 3.2)
    brakeman (2.0.0)
      erubis (~> 2.6)
      fastercsv (~> 1.5)
      haml (>= 3.0, < 5.0)
      highline (~> 1.6.19)
      multi_json (~> 1.2)
      ruby2ruby (~> 2.0.5)
      ruby_parser (~> 3.1.1)
      sass (~> 3.0)
      slim (~> 1.3.6)
      terminal-table (~> 1.4)
    builder (3.0.4)
    capybara (2.0.3)
      mime-types (>= 1.16)
      nokogiri (>= 1.3.3)
      rack (>= 1.0.0)
      rack-test (>= 0.5.4)
      selenium-webdriver (~> 2.0)
      xpath (~> 1.0.0)
    capybara-screenshot (0.3.6)
      capybara (>= 1.0, < 3)
    capybara-webkit (1.0.0)
      capybara (~> 2.0, >= 2.0.2)
      json
    carrierwave (0.9.0)
      activemodel (>= 3.2.0)
      activesupport (>= 3.2.0)
      json (>= 1.7)
    cheat (1.3.3)
      pager (~> 1.0)
    childprocess (0.3.9)
      ffi (~> 1.0, >= 1.0.11)
    choice (0.1.6)
    chronic (0.9.1)
    chunky_png (1.2.8)
    coffee-rails (3.2.2)
      coffee-script (>= 2.2.0)
      railties (~> 3.2.0)
    coffee-rails-source-maps (1.4.0)
      coffee-script-source (>= 1.6.1)
    coffee-script (2.2.0)
      coffee-script-source
      execjs
    coffee-script-source (1.6.2)
    columnize (0.3.6)
    commontator (4.2.1)
      jquery-rails
      rails (>= 3.1)
    compass (0.12.2)
      chunky_png (~> 1.2)
      fssm (>= 0.2.7)
      sass (~> 3.1)
    compass-rails (1.0.3)
      compass (>= 0.12.2, < 0.14)
    cucumber (1.3.2)
      builder (>= 2.1.2)
      diff-lcs (>= 1.1.3)
      gherkin (~> 2.12.0)
      multi_json (~> 1.3)
    cucumber-rails (1.3.1)
      capybara (>= 1.1.2)
      cucumber (>= 1.2.0)
      nokogiri (>= 1.5.0)
      rails (~> 3.0)
    daemons (1.1.9)
    database_cleaner (1.0.1)
    debugger (1.5.0)
      columnize (>= 0.3.1)
      debugger-linecache (~> 1.2.0)
      debugger-ruby_core_source (~> 1.2.0)
    debugger-linecache (1.2.0)
    debugger-ruby_core_source (1.2.2)
    deep_cloneable (1.5.3)
      activerecord (>= 3.2)
    diff-lcs (1.2.4)
    doorkeeper (0.6.7)
      railties (~> 3.1)
    eager_beaver (0.0.4)
    eco (1.0.0)
      coffee-script
      eco-source
      execjs
    eco-source (1.1.0.rc.1)
    ejs (1.1.1)
    erubis (2.7.0)
    eventmachine (1.0.3)
    exception_notification (4.0.1)
      actionmailer (>= 3.0.4)
      activesupport (>= 3.0.4)
    execjs (1.4.0)
      multi_json (~> 1.0)
    factory_girl (4.3.0)
      activesupport (>= 3.0.0)
    factory_girl_rails (4.3.0)
      factory_girl (~> 4.3.0)
      railties (>= 3.0.0)
    faker (1.1.2)
      i18n (~> 0.5)
    faraday (0.9.0)
      multipart-post (>= 1.2, < 3)
    fastercsv (1.5.5)
    ffi (1.9.0)
    fine_print (1.2.0)
      jquery-rails
      rails (>= 3.1)
    fssm (0.2.10)
    gherkin (2.12.0)
      multi_json (~> 1.3)
    haml (4.0.3)
      tilt
    hashie (2.0.5)
    highline (1.6.19)
    hike (1.2.3)
    hooks (0.3.3)
    i18n (0.6.9)
    journey (1.0.4)
    jquery-rails (2.3.0)
      railties (>= 3.0, < 5.0)
      thor (>= 0.14, < 2.0)
    json (1.8.1)
    jwt (0.1.11)
      multi_json (>= 1.5)
    keyword_search (1.5.0)
    lev (2.0.4)
      actionpack (>= 3.0)
      active_attr
      activemodel (>= 3.0)
      activerecord (>= 3.0)
      hashie
      transaction_isolation
      transaction_retry
    libv8 (3.11.8.17)
    mail (2.5.4)
      mime-types (~> 1.16)
      treetop (~> 1.4.8)
    maruku (0.6.1)
      syntax (>= 1.0.0)
    mime-types (1.25.1)
    mini_magick (3.6.0)
      subexec (~> 0.2.1)
    mini_portile (0.5.3)
    multi_json (1.9.2)
    multi_xml (0.5.5)
    multipart-post (2.0.0)
    mysql2 (0.3.11)
    nested_form (0.3.2)
    newrelic_rpm (3.6.4.122)
    nifty-generators (0.4.6)
    nokogiri (1.6.1)
      mini_portile (~> 0.5.0)
    oauth2 (0.9.3)
      faraday (>= 0.8, < 0.10)
      jwt (~> 0.1.8)
      multi_json (~> 1.3)
      multi_xml (~> 0.5)
      rack (~> 1.2)
    omniauth (1.2.1)
      hashie (>= 1.2, < 3)
      rack (~> 1.0)
    omniauth-oauth2 (1.1.2)
      faraday (>= 0.8, < 0.10)
      multi_json (~> 1.3)
      oauth2 (~> 0.9.3)
      omniauth (~> 1.2)
    openstax_api (1.0.4)
      doorkeeper (>= 0.5)
      exception_notification (>= 4.0)
      openstax_utilities (>= 1.0.1)
      rails (>= 3.1)
      roar (>= 0.12.1)
      roar-rails (>= 0.1.2)
    openstax_utilities (2.2.1)
      attribeautiful (>= 0.0.7)
      rails (>= 3.1)
    pager (1.0.1)
    parslet (1.5.0)
      blankslate (~> 2.0)
    polyamorous (0.5.0)
      activerecord (~> 3.0)
    polyglot (0.3.4)
    quiet_assets (1.0.2)
      railties (>= 3.1, < 5.0)
    rack (1.4.5)
    rack-cache (1.2)
      rack (>= 0.4)
    rack-ssl (1.3.4)
      rack
    rack-test (0.6.2)
      rack (>= 1.0)
    railroady (1.1.0)
    rails (3.2.17)
      actionmailer (= 3.2.17)
      actionpack (= 3.2.17)
      activerecord (= 3.2.17)
      activeresource (= 3.2.17)
      activesupport (= 3.2.17)
      bundler (~> 1.0)
      railties (= 3.2.17)
    rails-erd (1.1.0)
      activerecord (>= 3.0)
      activesupport (>= 3.0)
      choice (~> 0.1.6)
      ruby-graphviz (~> 1.0.4)
    railties (3.2.17)
      actionpack (= 3.2.17)
      activesupport (= 3.2.17)
      rack-ssl (~> 1.3.2)
      rake (>= 0.8.7)
      rdoc (~> 3.4)
      thor (>= 0.14.6, < 2.0)
    rake (10.3.1)
    rdoc (3.12.2)
      json (~> 1.4)
    ref (1.0.5)
    remotipart (1.2.1)
    roar (0.12.4)
      representable (>= 1.6.0)
    roar-rails (0.1.4)
      actionpack
      hooks
      railties (>= 3.0.0)
      roar (>= 0.11.13)
      test_xml (>= 0.1.6)
    rspec (2.13.0)
      rspec-core (~> 2.13.0)
      rspec-expectations (~> 2.13.0)
      rspec-mocks (~> 2.13.0)
    rspec-core (2.13.1)
    rspec-expectations (2.13.0)
      diff-lcs (>= 1.1.3, < 2.0)
    rspec-mocks (2.13.1)
    rspec-rails (2.13.2)
      actionpack (>= 3.0)
      activesupport (>= 3.0)
      railties (>= 3.0)
      rspec-core (~> 2.13.0)
      rspec-expectations (~> 2.13.0)
      rspec-mocks (~> 2.13.0)
    rspec-rerun (0.1.1)
      rspec (>= 2.11.0)
    ruby-graphviz (1.0.9)
    ruby2ruby (2.0.6)
      ruby_parser (~> 3.1)
      sexp_processor (~> 4.0)
    ruby_parser (3.1.3)
      sexp_processor (~> 4.1)
    rubyzip (0.9.9)
    sass (3.2.12)
    sass-rails (3.2.6)
      railties (~> 3.2.0)
      sass (>= 3.1.10)
      tilt (~> 1.3)
    selenium-webdriver (2.33.0)
      childprocess (>= 0.2.5)
      multi_json (~> 1.0)
      rubyzip
      websocket (~> 1.0.4)
    sexp_processor (4.2.1)
    slim (1.3.9)
      temple (~> 0.6.3)
      tilt (~> 1.3, >= 1.3.3)
    sprockets (2.2.2)
      hike (~> 1.2)
      multi_json (~> 1.0)
      rack (~> 1.0)
      tilt (~> 1.1, != 1.3.0)
    sqlite3 (1.3.7)
    squeel (1.0.18)
      activerecord (~> 3.0)
      activesupport (~> 3.0)
      polyamorous (~> 0.5.0)
    subexec (0.2.3)
    syntax (1.0.0)
    temple (0.6.5)
    terminal-table (1.4.5)
    test_xml (0.1.6)
      nokogiri (>= 1.3.2)
    therubyracer (0.11.4)
      libv8 (~> 3.11.8.12)
      ref
    thin (1.5.1)
      daemons (>= 1.0.9)
      eventmachine (>= 0.12.6)
      rack (>= 1.0.0)
    thor (0.19.1)
    tilt (1.4.1)
    timecop (0.6.1)
    transaction_isolation (1.0.3)
      activerecord (>= 3.0.11)
    transaction_retry (1.0.2)
      activerecord (>= 3.0.11)
      polyglot
      polyglot (>= 0.3.1)
      transaction_isolation (>= 1.0.2)
    treetop (1.4.15)
      polyglot
      polyglot (>= 0.3.1)
    tzinfo (0.3.39)
    uglifier (2.1.1)
      execjs (>= 0.3.0)
      multi_json (~> 1.0, >= 1.0.2)
    websocket (1.0.7)
    whenever (0.8.2)
      activesupport (>= 2.3.4)
      chronic (>= 0.6.3)
    will_paginate (3.0.5)
    xpath (1.0.0)
      nokogiri (~> 1.3)
    yaml_db (0.2.3)

PLATFORMS
  ruby

DEPENDENCIES
  acts-as-taggable-on
  acts_as_votable
  apipie-rails (~> 0.1.1)
  bootstrap-sass (~> 3.0.2.0)
  brakeman
  capybara (< 2.1.0)
  capybara-screenshot
  capybara-webkit
  carrierwave
  cheat
  coffee-rails (~> 3.2.1)
  coffee-rails-source-maps
  commontator (~> 4.2.0)
  compass-rails
  cucumber-rails
  database_cleaner
  debugger (~> 1.5.0)
  deep_cloneable
  doorkeeper (~> 0.6.7)
  eco
  ejs
  exception_notification
  factory_girl_rails
  faker
  fine_print (~> 1.2.0)
  jquery-rails (= 2.3.0)
  keyword_search (~> 1.5.0)
  lev (~> 2.0.4)
  maruku
  mini_magick
  mysql2 (~> 0.3.11)
  nested_form
  newrelic_rpm
  nifty-generators
  openstax_accounts!
  openstax_api (~> 1.0.4)
  openstax_utilities (~> 2.2.1)
  parslet (~> 1.5)
  quiet_assets
  rack-test
  railroady
  rails (= 3.2.17)
  rails-erd
  remotipart (~> 1.2)
  representable!
  roar (~> 0.12.4)
  roar-rails
  rspec-rails
  rspec-rerun
  sass-rails (~> 3.2.3)
  sqlite3 (~> 1.3.6)
  squeel
  therubyracer
  thin
  timecop
  tinymce-rails!
  uglifier (>= 1.0.3)
  whenever
  will_paginate (~> 3.0.5)
  yaml_db
