GIT
  remote: https://github.com/a15k/mothership.git
  revision: c627052493d59e147969257f245f4093990ae357
  branch: master
  glob: clients/1.0.0/ruby/*gemspec
  specs:
    a15k_client (1.0.0)
      json
      typhoeus (~> 1.0, >= 1.0.1)

GEM
  remote: https://rubygems.org/
  specs:
    action_interceptor (1.1.1)
      rails (>= 3.1, < 5.0)
    actionmailer (4.2.11)
      actionpack (= 4.2.11)
      actionview (= 4.2.11)
      activejob (= 4.2.11)
      mail (~> 2.5, >= 2.5.4)
      rails-dom-testing (~> 1.0, >= 1.0.5)
    actionpack (4.2.11)
      actionview (= 4.2.11)
      activesupport (= 4.2.11)
      rack (~> 1.6)
      rack-test (~> 0.6.2)
      rails-dom-testing (~> 1.0, >= 1.0.5)
      rails-html-sanitizer (~> 1.0, >= 1.0.2)
    actionview (4.2.11)
      activesupport (= 4.2.11)
      builder (~> 3.1)
      erubis (~> 2.7.0)
      rails-dom-testing (~> 1.0, >= 1.0.5)
      rails-html-sanitizer (~> 1.0, >= 1.0.3)
    active_attr (0.12.0)
      activemodel (>= 3.0.2, < 6.0)
      activesupport (>= 3.0.2, < 6.0)
    activejob (4.2.11)
      activesupport (= 4.2.11)
      globalid (>= 0.3.0)
    activemodel (4.2.11)
      activesupport (= 4.2.11)
      builder (~> 3.1)
    activerecord (4.2.11)
      activemodel (= 4.2.11)
      activesupport (= 4.2.11)
      arel (~> 6.0)
    activesupport (4.2.11)
      i18n (~> 0.7)
      minitest (~> 5.1)
      thread_safe (~> 0.3, >= 0.3.4)
      tzinfo (~> 1.1)
    acts_as_votable (0.12.0)
    addressable (2.6.0)
      public_suffix (>= 2.0.2, < 4.0)
    apipie-rails (0.5.15)
      rails (>= 4.1)
    arel (6.0.4)
    autoprefixer-rails (9.5.0)
      execjs
    aws-ses (0.6.0)
      builder
      mail (> 2.2.5)
      mime-types
      xml-simple
    baby_squeel (0.3.1)
      activerecord (>= 4.0.0)
    bootstrap-sass (3.4.1)
      autoprefixer-rails (>= 5.2.1)
      sassc (>= 2.0.0)
    brakeman (4.5.0)
    builder (3.2.3)
    byebug (11.0.1)
    carrierwave (1.3.1)
      activemodel (>= 4.0.0)
      activesupport (>= 4.0.0)
      mime-types (>= 1.16)
    cheat (1.3.3)
      pager (~> 1.0)
    choice (0.2.0)
    chronic (0.10.2)
    chunky_png (1.3.11)
    codeclimate-test-reporter (1.0.9)
      simplecov (<= 0.13)
    codecov (0.1.14)
      json
      simplecov
      url
    coffee-rails (4.1.1)
      coffee-script (>= 2.2.0)
      railties (>= 4.0.0, < 5.1.x)
    coffee-rails-source-maps (1.4.0)
      coffee-script-source (>= 1.6.1)
    coffee-script (2.4.1)
      coffee-script-source
      execjs
    coffee-script-source (1.12.2)
    commontator (4.11.1)
      jquery-rails
      rails (>= 3.1)
    compass (1.0.3)
      chunky_png (~> 1.2)
      compass-core (~> 1.0.2)
      compass-import-once (~> 1.0.5)
      rb-fsevent (>= 0.9.3)
      rb-inotify (>= 0.9)
      sass (>= 3.3.13, < 3.5)
    compass-core (1.0.3)
      multi_json (~> 1.0)
      sass (>= 3.3.0, < 3.5)
    compass-import-once (1.0.5)
      sass (>= 3.2, < 3.5)
    compass-rails (3.1.0)
      compass (~> 1.0.0)
      sass-rails (< 5.1)
      sprockets (< 4.0)
    concurrent-ruby (1.1.5)
    crass (1.0.4)
    daemons (1.3.1)
    database_cleaner (1.7.0)
    debug_inspector (0.0.3)
    declarative (0.0.10)
    deep_cloneable (2.4.0)
      activerecord (>= 3.1.0, < 6)
    diff-lcs (1.3)
    diffy (3.3.0)
    docile (1.1.5)
    doorkeeper (5.0.2)
      railties (>= 4.2)
    dotenv (2.7.2)
    dotenv-rails (2.7.2)
      dotenv (= 2.7.2)
      railties (>= 3.2, < 6.1)
    eco (1.0.0)
      coffee-script
      eco-source
      execjs
    eco-source (1.1.0.rc.1)
    ejs (1.1.1)
    erubis (2.7.0)
    ethon (0.12.0)
      ffi (>= 1.3.0)
    eventmachine (1.2.7)
    exception_notification (4.3.0)
      actionmailer (>= 4.0, < 6)
      activesupport (>= 4.0, < 6)
    excon (0.62.0)
    execjs (2.7.0)
    factory_bot (4.11.1)
      activesupport (>= 3.0.0)
    factory_bot_rails (4.11.1)
      factory_bot (~> 4.11.1)
      railties (>= 3.0.0)
    faker (1.6.6)
      i18n (~> 0.5)
    faraday (0.15.4)
      multipart-post (>= 1.2, < 3)
    ffi (1.10.0)
    fine_print (4.0.1)
      action_interceptor (>= 1.0)
      baby_squeel
      jquery-rails
      rails (>= 4.2)
      responders
    fog-aws (3.4.0)
      fog-core (~> 2.1)
      fog-json (~> 1.1)
      fog-xml (~> 0.1)
      ipaddress (~> 0.8)
    fog-core (2.1.2)
      builder
      excon (~> 0.58)
      formatador (~> 0.2)
      mime-types
    fog-json (1.2.0)
      fog-core
      multi_json (~> 1.10)
    fog-xml (0.1.3)
      fog-core
      nokogiri (>= 1.5.11, < 2.0.0)
    formatador (0.2.5)
    get_process_mem (0.2.3)
    globalid (0.4.2)
      activesupport (>= 4.2.0)
    hashie (3.6.0)
    httparty (0.16.4)
      mime-types (~> 3.0)
      multi_xml (>= 0.5.2)
    i18n (0.9.5)
      concurrent-ruby (~> 1.0)
    ipaddress (0.8.3)
    jquery-rails (4.3.3)
      rails-dom-testing (>= 1, < 3)
      railties (>= 4.2.0)
      thor (>= 0.14, < 2.0)
    jquery-ui-rails (6.0.1)
      railties (>= 3.2.16)
    json (2.2.0)
    jwt (2.1.0)
    keyword_search (1.5.0)
    kgio (2.11.2)
    kramdown (1.6.0)
    lev (9.0.1)
      actionpack (>= 4.2)
      active_attr
      activejob
      activemodel (>= 4.2)
      activerecord (>= 4.2)
      hashie
      transaction_isolation
      transaction_retry
    libv8 (6.7.288.46.1)
    lograge (0.10.0)
      actionpack (>= 4)
      activesupport (>= 4)
      railties (>= 4)
      request_store (~> 1.0)
    loofah (2.2.3)
      crass (~> 1.0.2)
      nokogiri (>= 1.5.9)
    mail (2.7.1)
      mini_mime (>= 0.1.1)
    maruku (0.7.3)
    mime-types (3.2.2)
      mime-types-data (~> 3.2015)
    mime-types-data (3.2018.0812)
    mimemagic (0.3.3)
    mini_magick (4.9.3)
    mini_mime (1.0.1)
    mini_portile2 (2.4.0)
    mini_racer (0.2.4)
      libv8 (>= 6.3)
    minitest (5.11.3)
    multi_json (1.13.1)
    multi_xml (0.6.0)
    multipart-post (2.0.0)
    nifty-generators (0.4.6)
    nokogiri (1.10.2)
      mini_portile2 (~> 2.4.0)
    nokogumbo (2.0.1)
      nokogiri (~> 1.8, >= 1.8.4)
    oauth2 (1.4.1)
      faraday (>= 0.8, < 0.16.0)
      jwt (>= 1.0, < 3.0)
      multi_json (~> 1.3)
      multi_xml (~> 0.5)
      rack (>= 1.2, < 3)
    oj (3.7.11)
    oj_mimic_json (1.0.1)
    omniauth (1.9.0)
      hashie (>= 3.4.6, < 3.7.0)
      rack (>= 1.6.2, < 3)
    omniauth-oauth2 (1.3.1)
      oauth2 (~> 1.0)
      omniauth (~> 1.2)
    openstax_accounts (7.12.0)
      action_interceptor (>= 1.0)
      keyword_search (>= 1.0.0)
      lev (>= 2.2.1)
      oauth2 (>= 0.5.0)
      omniauth (>= 1.1)
      omniauth-oauth2 (>= 1.1)
      openstax_api (>= 3.1.0)
      openstax_utilities (>= 4.1.0)
      pg
      rails (>= 4.1, < 5.0)
      representable (>= 2.0)
      roar (>= 1.0)
    openstax_api (8.3.2)
      doorkeeper (>= 2.0)
      exception_notification (>= 4.0)
      lev (>= 1.0.0)
      openstax_utilities (>= 4.2.0)
      rails (>= 3.1, < 5.0)
      representable (>= 2.4, < 4.0)
      responders
      roar (>= 1.0)
      roar-rails (>= 1.0)
      uber (< 0.1.0)
    openstax_healthcheck (0.0.3)
      rails (>= 3.0)
    openstax_rescue_from (3.0.0)
      rails (>= 3.1, < 6.0)
    openstax_utilities (4.2.3)
      keyword_search
      lev
      rails (>= 3.1)
    pager (1.0.1)
    parallel (1.16.0)
    parallel_tests (2.28.0)
      parallel
    pg (0.21.0)
    polyamorous (1.1.0)
      activerecord (>= 3.0)
    public_suffix (3.0.3)
    quiet_assets (1.1.0)
      railties (>= 3.1, < 5.0)
    rack (1.6.11)
    rack-test (0.6.3)
      rack (>= 1.0)
    railroady (1.5.3)
    rails (4.2.11)
      actionmailer (= 4.2.11)
      actionpack (= 4.2.11)
      actionview (= 4.2.11)
      activejob (= 4.2.11)
      activemodel (= 4.2.11)
      activerecord (= 4.2.11)
      activesupport (= 4.2.11)
      bundler (>= 1.3.0, < 2.0)
      railties (= 4.2.11)
      sprockets-rails
    rails-deprecated_sanitizer (1.0.3)
      activesupport (>= 4.2.0.alpha)
    rails-dom-testing (1.0.9)
      activesupport (>= 4.2.0, < 5.0)
      nokogiri (~> 1.6)
      rails-deprecated_sanitizer (>= 1.0.1)
    rails-erd (1.5.2)
      activerecord (>= 3.2)
      activesupport (>= 3.2)
      choice (~> 0.2.0)
      ruby-graphviz (~> 1.2)
    rails-html-sanitizer (1.0.4)
      loofah (~> 2.2, >= 2.2.2)
    railties (4.2.11)
      actionpack (= 4.2.11)
      activesupport (= 4.2.11)
      rake (>= 0.8.7)
      thor (>= 0.18.1, < 2.0)
    raindrops (0.19.0)
    rake (12.3.2)
    rb-fsevent (0.10.3)
    rb-inotify (0.10.0)
      ffi (~> 1.0)
    redis (4.1.0)
    redis-actionpack (5.0.2)
      actionpack (>= 4.0, < 6)
      redis-rack (>= 1, < 3)
      redis-store (>= 1.1.0, < 2)
    redis-activesupport (5.0.7)
      activesupport (>= 3, < 6)
      redis-store (>= 1.3, < 2)
    redis-rack (2.0.5)
      rack (>= 1.5, < 3)
      redis-store (>= 1.2, < 2)
    redis-rails (5.0.2)
      redis-actionpack (>= 5.0, < 6)
      redis-activesupport (>= 5.0, < 6)
      redis-store (>= 1.2, < 2)
    redis-store (1.6.0)
      redis (>= 2.2, < 5)
    remotipart (1.4.2)
    representable (3.0.0)
      declarative (~> 0.0.5)
      uber (~> 0.0.15)
    request_store (1.4.1)
      rack (>= 1.4)
    responders (2.4.1)
      actionpack (>= 4.2.0, < 6.0)
      railties (>= 4.2.0, < 6.0)
    rinku (2.0.5)
    roar (1.0.3)
      representable (>= 2.0.1, <= 3.0.0)
    roar-rails (1.0.1)
      actionpack
      railties (>= 3.0.0)
      responders
      roar (>= 1.0.0, <= 1.1.0)
      test_xml (>= 0.1.6)
      uber (>= 0.0.5)
    roo (2.8.2)
      nokogiri (~> 1)
      rubyzip (>= 1.2.1, < 2.0.0)
    rspec (3.8.0)
      rspec-core (~> 3.8.0)
      rspec-expectations (~> 3.8.0)
      rspec-mocks (~> 3.8.0)
    rspec-core (3.8.0)
      rspec-support (~> 3.8.0)
    rspec-expectations (3.8.2)
      diff-lcs (>= 1.2.0, < 2.0)
      rspec-support (~> 3.8.0)
    rspec-instafail (1.0.0)
      rspec
    rspec-mocks (3.8.0)
      diff-lcs (>= 1.2.0, < 2.0)
      rspec-support (~> 3.8.0)
    rspec-rails (3.8.2)
      actionpack (>= 3.0)
      activesupport (>= 3.0)
      railties (>= 3.0)
      rspec-core (~> 3.8.0)
      rspec-expectations (~> 3.8.0)
      rspec-mocks (~> 3.8.0)
      rspec-support (~> 3.8.0)
    rspec-support (3.8.0)
    ruby-graphviz (1.2.4)
    rubyzip (1.2.2)
    sanitize (5.0.0)
      crass (~> 1.0.2)
      nokogiri (>= 1.8.0)
      nokogumbo (~> 2.0)
    sass (3.4.25)
    sass-rails (5.0.7)
      railties (>= 4.0.0, < 6)
      sass (~> 3.1)
      sprockets (>= 2.8, < 4.0)
      sprockets-rails (>= 2.0, < 4.0)
      tilt (>= 1.1, < 3)
    sassc (2.0.1)
      ffi (~> 1.9)
      rake
    scout_apm (3.0.0.pre28)
    sentry-raven (2.9.0)
      faraday (>= 0.7.6, < 1.0)
    shoulda-matchers (4.0.1)
      activesupport (>= 4.2.0)
    simplecov (0.13.0)
      docile (~> 1.1.0)
      json (>= 1.8, < 3)
      simplecov-html (~> 0.10.0)
    simplecov-html (0.10.2)
    sortability (0.1.0)
      rails
      squeel
    sprockets (3.7.2)
      concurrent-ruby (~> 1.0)
      rack (> 1, < 3)
    sprockets-rails (3.2.1)
      actionpack (>= 4.0)
      activesupport (>= 4.0)
      sprockets (>= 3.0.0)
    squeel (1.2.3)
      activerecord (>= 3.0)
      activesupport (>= 3.0)
      polyamorous (~> 1.1.0)
    test_after_commit (1.2.2)
      activerecord (>= 3.2, < 5.0)
    test_xml (0.1.8)
      diffy (~> 3.0)
      nokogiri (>= 1.3.2)
    thin (1.7.2)
      daemons (~> 1.0, >= 1.0.9)
      eventmachine (~> 1.0, >= 1.0.4)
      rack (>= 1, < 3)
    thor (0.20.3)
    thread_safe (0.3.6)
    tilt (2.0.9)
    timecop (0.9.1)
    transaction_isolation (1.0.5)
      activerecord (>= 3.0.11)
    transaction_retry (1.0.3)
      activerecord (>= 3.0.11)
      transaction_isolation (>= 1.0.2)
    turbolinks (5.2.0)
      turbolinks-source (~> 5.2)
    turbolinks-source (5.2.0)
    typhoeus (1.3.1)
      ethon (>= 0.9.0)
    tzinfo (1.2.5)
      thread_safe (~> 0.1)
    uber (0.0.15)
    uglifier (4.1.20)
      execjs (>= 0.3.0, < 3)
    unicorn (5.5.0)
      kgio (~> 2.6)
      raindrops (~> 0.7)
    unicorn-worker-killer (0.4.4)
      get_process_mem (~> 0)
      unicorn (>= 4, < 6)
    url (0.3.2)
    web-console (3.3.0)
      activemodel (>= 4.2)
      debug_inspector
      railties (>= 4.2)
    whenever (0.10.0)
      chronic (>= 0.6.3)
    xml-simple (1.1.5)

PLATFORMS
  ruby

DEPENDENCIES
  a15k_client!
  acts_as_votable
  addressable
  apipie-rails
  autoprefixer-rails
  aws-ses (~> 0.6.0)
  bootstrap-sass
  brakeman
  byebug
  carrierwave
  cheat
  codeclimate-test-reporter
  codecov
  coffee-rails (~> 4.1.0)
  coffee-rails-source-maps
  commontator
  compass-rails
  database_cleaner
  deep_cloneable
  doorkeeper
  dotenv-rails
  eco
  ejs
  factory_bot_rails (< 5.0.0)
  faker (= 1.6.6)
  fine_print
  fog-aws
  httparty
  jquery-rails
  jquery-ui-rails
  keyword_search
  kramdown (= 1.6.0)
  lev
  lograge
  maruku
  mimemagic
  mini_magick
  mini_racer
  nifty-generators
  oj
  oj_mimic_json
  omniauth-oauth2 (~> 1.3.1)
  openstax_accounts (~> 7.12.0)
  openstax_api (~> 8.3.0)
  openstax_healthcheck
  openstax_rescue_from (~> 3.0.0)
  openstax_utilities
  parallel_tests
  pg (~> 0.15)
  quiet_assets
  railroady
  rails (= 4.2.11)
  rails-erd
  rails-html-sanitizer
  redis-rails
  remotipart
  representable (~> 3.0.0)
  rinku
  roar (= 1.0.3)
  roo
  rspec-instafail
  rspec-rails
  sanitize
  sass-rails (~> 5.0)
  scout_apm (~> 3.0.x)
  sentry-raven
  shoulda-matchers
  sortability
  squeel
  test_after_commit
  thin
  timecop
  turbolinks
  uglifier (>= 1.3.0)
  unicorn
  unicorn-worker-killer
  web-console
  whenever

BUNDLED WITH
   1.17.3
